GEM
  remote: https://rubygems.org/
  specs:
    bcrypt (3.1.20)
    dotenv (3.1.2)
    nio4r (2.7.3)
    pg (1.5.6)
    puma (6.4.2)
      nio4r (~> 2.0)
    rack (3.1.7)

PLATFORMS
  ruby
  x86_64-linux

DEPENDENCIES
  bcrypt (~> 3.1)
  dotenv (~> 3.1)
  pg (~> 1.5)
  puma (~> 6.4)
  rack (~> 3.1)

BUNDLED WITH
   2.5.16
